GEM
  remote: https://rubygems.org/
  specs:
    jar-dependencies (0.2.2)
    leafy-complete (0.6.2-java)
      leafy-health (~> 0.6.2)
      leafy-logger (~> 0.6.2)
      leafy-metrics (~> 0.6.2)
      leafy-rack (~> 0.6.2)
    leafy-health (0.6.2-java)
      jar-dependencies (~> 0.1)
    leafy-logger (0.6.2-java)
      jar-dependencies (~> 0.1)
      leafy-metrics (~> 0.6.2)
    leafy-metrics (0.6.2-java)
      jar-dependencies (~> 0.1)
    leafy-rack (0.6.2-java)
      jar-dependencies (~> 0.1)
      leafy-health (~> 0.6.2)
      leafy-logger (~> 0.6.2)
      leafy-metrics (~> 0.6.2)
    rack (1.6.4)
    rack-protection (1.5.3)
      rack
    sinatra (1.4.6)
      rack (~> 1.4)
      rack-protection (~> 1.4)
      tilt (>= 1.3, < 3)
    tilt (2.0.1)

PLATFORMS
  java

DEPENDENCIES
  leafy-complete (= 0.6.2)
  sinatra (~> 1.4)

BUNDLED WITH
   1.10.6
